GEM
  remote: https://rubygems.org/
  specs:
    json (2.0.2)
    mini_portile (0.6.0)
    nokogiri (1.6.3.1)
      mini_portile (= 0.6.0)
    rack (1.6.4)
    rack-protection (1.5.3)
      rack
    sinatra (1.4.7)
      rack (~> 1.5)
      rack-protection (~> 1.4)
      tilt (>= 1.3, < 3)
    tilt (2.0.5)

PLATFORMS
  ruby

DEPENDENCIES
  json
  nokogiri
  sinatra

RUBY VERSION
   ruby 2.6.0p0

BUNDLED WITH
   1.17.2
